GEM
  remote: https://rubygems.org/
  specs:
    concurrent-ruby (1.1.5)
    dry-configurable (0.8.3)
      concurrent-ruby (~> 1.0)
      dry-core (~> 0.4, >= 0.4.7)
    dry-container (0.7.2)
      concurrent-ruby (~> 1.0)
      dry-configurable (~> 0.1, >= 0.1.3)
    dry-core (0.4.8)
      concurrent-ruby (~> 1.0)
    dry-equalizer (0.2.2)
    dry-inflector (0.1.2)
    dry-initializer (3.0.1)
    dry-logic (1.0.2)
      concurrent-ruby (~> 1.0)
      dry-core (~> 0.2)
      dry-equalizer (~> 0.2)
    dry-struct (1.0.0)
      dry-core (~> 0.4, >= 0.4.3)
      dry-equalizer (~> 0.2)
      dry-types (~> 1.0)
      ice_nine (~> 0.11)
    dry-types (1.1.1)
      concurrent-ruby (~> 1.0)
      dry-container (~> 0.3)
      dry-core (~> 0.4, >= 0.4.4)
      dry-equalizer (~> 0.2, >= 0.2.2)
      dry-inflector (~> 0.1, >= 0.1.2)
      dry-logic (~> 1.0, >= 1.0.2)
    ice_nine (0.11.2)
    mysql2 (0.5.2)
    rack (2.2.3)
    roda (3.22.0)
      rack
    roda-flow (0.4.0)
    rom (5.1.0)
      rom-changeset (~> 5.1)
      rom-core (~> 5.1)
      rom-repository (~> 5.1)
    rom-changeset (5.1.0)
      dry-core (~> 0.4)
      rom-core (~> 5.1)
      transproc (~> 1.0, >= 1.1.0)
    rom-core (5.1.0)
      concurrent-ruby (~> 1.1)
      dry-container (~> 0.7)
      dry-core (~> 0.4)
      dry-equalizer (~> 0.2)
      dry-inflector (~> 0.1)
      dry-initializer (~> 3.0, >= 3.0.1)
      dry-struct (~> 1.0)
      dry-types (~> 1.0)
      transproc (~> 1.0, >= 1.1.0)
    rom-repository (5.1.0)
      dry-core (~> 0.4)
      dry-initializer (~> 3.0, >= 3.0.1)
      rom-core (~> 5.1)
    rom-sql (3.0.1)
      dry-core (~> 0.4)
      dry-equalizer (~> 0.2)
      dry-types (~> 1.0)
      rom-core (~> 5.0, >= 5.0.1)
      sequel (>= 4.49)
    ruby-ole (1.2.12.2)
    sequel (5.22.0)
    spreadsheet (1.2.4)
      ruby-ole (>= 1.0)
    tilt (2.0.9)
    transproc (1.1.0)

PLATFORMS
  ruby

DEPENDENCIES
  dry-configurable (~> 0.8.3)
  dry-container (~> 0.7.2)
  mysql2
  roda (~> 3.22)
  roda-flow (~> 0.3)
  rom
  rom-sql
  spreadsheet
  tilt

BUNDLED WITH
   1.16.2
