GEM
  remote: https://rubygems.org/
  specs:
    rack (2.0.7)
    roda (3.22.0)
      rack

PLATFORMS
  ruby

DEPENDENCIES
  roda (~> 3.22)

BUNDLED WITH
   1.16.2
